GEM
  remote: http://rubygems.org/
  specs:
    ffi (1.9.25)
    rb-fsevent (0.10.2)
    rb-inotify (0.9.10)
      ffi (>= 0.5.0, < 2)
    sass (3.5.1)
      sass-listen (~> 4.0.0)
    sass-listen (4.0.0)
      rb-fsevent (~> 0.9, >= 0.9.4)
      rb-inotify (~> 0.9, >= 0.9.7)

PLATFORMS
  ruby

DEPENDENCIES
  ffi (>= 1.9.24)
  sass (>= 3.4)

BUNDLED WITH
   1.17.1
